RESTRICTION: == netstandard2.0
NUGET
  remote: https://www.nuget.org/api/v2
    FAKE (4.64.13)

GROUP androidapp
RESTRICTION: == monoandroid7.1
NUGET
  remote: https://www.nuget.org/api/v2
    FSharp.Core (4.3.3)
      System.Collections (>= 4.0.11)
      System.Console (>= 4.0)
      System.Diagnostics.Debug (>= 4.0.11)
      System.Diagnostics.Tools (>= 4.0.1)
      System.Globalization (>= 4.0.11)
      System.IO (>= 4.1)
      System.Linq (>= 4.1)
      System.Linq.Expressions (>= 4.1)
      System.Linq.Queryable (>= 4.0.1)
      System.Net.Requests (>= 4.0.11)
      System.Reflection (>= 4.1)
      System.Reflection.Extensions (>= 4.0.1)
      System.Resources.ResourceManager (>= 4.0.1)
      System.Runtime (>= 4.1)
      System.Runtime.Extensions (>= 4.1)
      System.Runtime.Numerics (>= 4.0.1)
      System.Text.RegularExpressions (>= 4.1)
      System.Threading (>= 4.0.11)
      System.Threading.Tasks (>= 4.0.11)
      System.Threading.Tasks.Parallel (>= 4.0.1)
      System.Threading.Thread (>= 4.0)
      System.Threading.ThreadPool (>= 4.0.10)
      System.Threading.Timer (>= 4.0.1)
    System.Collections (4.3)
    System.Console (4.3.1)
    System.Diagnostics.Debug (4.3)
    System.Diagnostics.Tools (4.3)
    System.Globalization (4.3)
    System.IO (4.3)
    System.Linq (4.3)
    System.Linq.Expressions (4.3)
    System.Linq.Queryable (4.3)
    System.Net.Requests (4.3)
    System.Reflection (4.3)
    System.Reflection.Extensions (4.3)
    System.Resources.ResourceManager (4.3)
    System.Runtime (4.3)
    System.Runtime.Extensions (4.3)
    System.Runtime.Numerics (4.3)
    System.Text.RegularExpressions (4.3)
    System.Threading (4.3)
    System.Threading.Tasks (4.3)
    System.Threading.Tasks.Parallel (4.3)
    System.Threading.Thread (4.3)
    System.Threading.ThreadPool (4.3)
    System.Threading.Timer (4.3)
    Xamarin.Android.Support.Animated.Vector.Drawable (25.4.0.2)
      Xamarin.Android.Support.Vector.Drawable (25.4.0.2)
    Xamarin.Android.Support.Annotations (25.4.0.2)
    Xamarin.Android.Support.Compat (25.4.0.2)
      Xamarin.Android.Support.Annotations (25.4.0.2)
    Xamarin.Android.Support.Core.UI (25.4.0.2)
      Xamarin.Android.Support.Compat (25.4.0.2)
    Xamarin.Android.Support.Core.Utils (25.4.0.2)
      Xamarin.Android.Support.Compat (25.4.0.2)
    Xamarin.Android.Support.Design (25.4.0.2)
      Xamarin.Android.Support.Compat (25.4.0.2)
      Xamarin.Android.Support.Core.UI (25.4.0.2)
      Xamarin.Android.Support.Core.Utils (25.4.0.2)
      Xamarin.Android.Support.Fragment (25.4.0.2)
      Xamarin.Android.Support.Media.Compat (25.4.0.2)
      Xamarin.Android.Support.Transition (25.4.0.2)
      Xamarin.Android.Support.v7.AppCompat (25.4.0.2)
      Xamarin.Android.Support.v7.RecyclerView (25.4.0.2)
    Xamarin.Android.Support.Fragment (25.4.0.2)
      Xamarin.Android.Support.Compat (25.4.0.2)
      Xamarin.Android.Support.Core.UI (25.4.0.2)
      Xamarin.Android.Support.Core.Utils (25.4.0.2)
      Xamarin.Android.Support.Media.Compat (25.4.0.2)
    Xamarin.Android.Support.Media.Compat (25.4.0.2)
      Xamarin.Android.Support.Compat (25.4.0.2)
    Xamarin.Android.Support.Transition (25.4.0.2)
      Xamarin.Android.Support.Compat (25.4.0.2)
      Xamarin.Android.Support.Core.UI (25.4.0.2)
      Xamarin.Android.Support.Core.Utils (25.4.0.2)
      Xamarin.Android.Support.Fragment (25.4.0.2)
      Xamarin.Android.Support.Media.Compat (25.4.0.2)
    Xamarin.Android.Support.v4 (25.4.0.2)
      Xamarin.Android.Support.Compat (25.4.0.2)
      Xamarin.Android.Support.Core.UI (25.4.0.2)
      Xamarin.Android.Support.Core.Utils (25.4.0.2)
      Xamarin.Android.Support.Fragment (25.4.0.2)
      Xamarin.Android.Support.Media.Compat (25.4.0.2)
    Xamarin.Android.Support.v7.AppCompat (25.4.0.2)
      Xamarin.Android.Support.Animated.Vector.Drawable (25.4.0.2)
      Xamarin.Android.Support.Compat (25.4.0.2)
      Xamarin.Android.Support.Core.UI (25.4.0.2)
      Xamarin.Android.Support.Core.Utils (25.4.0.2)
      Xamarin.Android.Support.Fragment (25.4.0.2)
      Xamarin.Android.Support.Media.Compat (25.4.0.2)
      Xamarin.Android.Support.Vector.Drawable (25.4.0.2)
    Xamarin.Android.Support.v7.CardView (25.4.0.2)
      Xamarin.Android.Support.Annotations (25.4.0.2)
    Xamarin.Android.Support.v7.MediaRouter (25.4.0.2)
      Xamarin.Android.Support.v7.AppCompat (25.4.0.2)
      Xamarin.Android.Support.v7.Palette (25.4.0.2)
    Xamarin.Android.Support.v7.Palette (25.4.0.2)
      Xamarin.Android.Support.Compat (25.4.0.2)
      Xamarin.Android.Support.Core.Utils (25.4.0.2)
    Xamarin.Android.Support.v7.RecyclerView (25.4.0.2)
      Xamarin.Android.Support.Compat (25.4.0.2)
      Xamarin.Android.Support.Core.UI (25.4.0.2)
    Xamarin.Android.Support.Vector.Drawable (25.4.0.2)
      Xamarin.Android.Support.Compat (25.4.0.2)
    Xamarin.Forms (2.5.1.444934)
      Xamarin.Android.Support.Design (>= 25.4.0.2)
      Xamarin.Android.Support.v4 (>= 25.4.0.2)
      Xamarin.Android.Support.v7.AppCompat (>= 25.4.0.2)
      Xamarin.Android.Support.v7.CardView (>= 25.4.0.2)
      Xamarin.Android.Support.v7.MediaRouter (>= 25.4.0.2)

GROUP iosapp
RESTRICTION: == monotouch
NUGET
  remote: https://www.nuget.org/api/v2
    FSharp.Core (4.3.3)
      System.Collections (>= 4.0.11)
      System.Console (>= 4.0)
      System.Diagnostics.Debug (>= 4.0.11)
      System.Diagnostics.Tools (>= 4.0.1)
      System.Globalization (>= 4.0.11)
      System.IO (>= 4.1)
      System.Linq (>= 4.1)
      System.Linq.Expressions (>= 4.1)
      System.Linq.Queryable (>= 4.0.1)
      System.Net.Requests (>= 4.0.11)
      System.Reflection (>= 4.1)
      System.Reflection.Extensions (>= 4.0.1)
      System.Resources.ResourceManager (>= 4.0.1)
      System.Runtime (>= 4.1)
      System.Runtime.Extensions (>= 4.1)
      System.Runtime.Numerics (>= 4.0.1)
      System.Text.RegularExpressions (>= 4.1)
      System.Threading (>= 4.0.11)
      System.Threading.Tasks (>= 4.0.11)
      System.Threading.Tasks.Parallel (>= 4.0.1)
      System.Threading.Thread (>= 4.0)
      System.Threading.ThreadPool (>= 4.0.10)
      System.Threading.Timer (>= 4.0.1)
    System.Collections (4.3)
    System.Console (4.3.1)
    System.Diagnostics.Debug (4.3)
    System.Diagnostics.Tools (4.3)
    System.Globalization (4.3)
    System.IO (4.3)
    System.Linq (4.3)
    System.Linq.Expressions (4.3)
    System.Linq.Queryable (4.3)
    System.Net.Requests (4.3)
    System.Reflection (4.3)
    System.Reflection.Extensions (4.3)
    System.Resources.ResourceManager (4.3)
    System.Runtime (4.3)
    System.Runtime.Extensions (4.3)
    System.Runtime.Numerics (4.3)
    System.Text.RegularExpressions (4.3)
    System.Threading (4.3)
    System.Threading.Tasks (4.3)
    System.Threading.Tasks.Parallel (4.3)
    System.Threading.Thread (4.3)
    System.Threading.ThreadPool (4.3)
    System.Threading.Timer (4.3)
    Xamarin.Forms (2.5.1.444934)

GROUP neutral
RESTRICTION: == netstandard2.0
NUGET
  remote: https://www.nuget.org/api/v2
    FSharp.Core (4.3.3)
    FsPickler (5.2)
      FSharp.Core (>= 4.3.2)
      System.Reflection.Emit.Lightweight (>= 4.3)
    FsPickler.Json (5.2)
      FSharp.Core (>= 4.3.2)
      Newtonsoft.Json (>= 10.0.1)
    Microsoft.NETCore.Platforms (2.0.2)
    Microsoft.NETCore.Targets (2.0)
    Newtonsoft.Json (11.0.2)
    System.IO (4.3)
      Microsoft.NETCore.Platforms (>= 1.1)
      Microsoft.NETCore.Targets (>= 1.1)
      System.Runtime (>= 4.3)
      System.Text.Encoding (>= 4.3)
      System.Threading.Tasks (>= 4.3)
    System.Reflection (4.3)
      Microsoft.NETCore.Platforms (>= 1.1)
      Microsoft.NETCore.Targets (>= 1.1)
      System.IO (>= 4.3)
      System.Reflection.Primitives (>= 4.3)
      System.Runtime (>= 4.3)
    System.Reflection.Emit.ILGeneration (4.3)
      System.Reflection (>= 4.3)
      System.Reflection.Primitives (>= 4.3)
      System.Runtime (>= 4.3)
    System.Reflection.Emit.Lightweight (4.3)
      System.Reflection (>= 4.3)
      System.Reflection.Emit.ILGeneration (>= 4.3)
      System.Reflection.Primitives (>= 4.3)
      System.Runtime (>= 4.3)
    System.Reflection.Primitives (4.3)
      Microsoft.NETCore.Platforms (>= 1.1)
      Microsoft.NETCore.Targets (>= 1.1)
      System.Runtime (>= 4.3)
    System.Runtime (4.3)
      Microsoft.NETCore.Platforms (>= 1.1)
      Microsoft.NETCore.Targets (>= 1.1)
    System.Text.Encoding (4.3)
      Microsoft.NETCore.Platforms (>= 1.1)
      Microsoft.NETCore.Targets (>= 1.1)
      System.Runtime (>= 4.3)
    System.Threading.Tasks (4.3)
      Microsoft.NETCore.Platforms (>= 1.1)
      Microsoft.NETCore.Targets (>= 1.1)
      System.Runtime (>= 4.3)
    Xamarin.Forms (2.5.0.122203)
