RESTRICTION: == netstandard2.0
NUGET
  remote: https://www.nuget.org/api/v2
    FAKE (4.64.12)

GROUP androidapp
RESTRICTION: == monoandroid7.1
NUGET
  remote: https://www.nuget.org/api/v2
    FSharp.Core (4.3.3)
      System.Collections (>= 4.0.11)
      System.Console (>= 4.0)
      System.Diagnostics.Debug (>= 4.0.11)
      System.Diagnostics.Tools (>= 4.0.1)
      System.Globalization (>= 4.0.11)
      System.IO (>= 4.1)
      System.Linq (>= 4.1)
      System.Linq.Expressions (>= 4.1)
      System.Linq.Queryable (>= 4.0.1)
      System.Net.Requests (>= 4.0.11)
      System.Reflection (>= 4.1)
      System.Reflection.Extensions (>= 4.0.1)
      System.Resources.ResourceManager (>= 4.0.1)
      System.Runtime (>= 4.1)
      System.Runtime.Extensions (>= 4.1)
      System.Runtime.Numerics (>= 4.0.1)
      System.Text.RegularExpressions (>= 4.1)
      System.Threading (>= 4.0.11)
      System.Threading.Tasks (>= 4.0.11)
      System.Threading.Tasks.Parallel (>= 4.0.1)
      System.Threading.Thread (>= 4.0)
      System.Threading.ThreadPool (>= 4.0.10)
      System.Threading.Timer (>= 4.0.1)
    System.Collections (4.3)
    System.Console (4.3.1)
    System.Diagnostics.Debug (4.3)
    System.Diagnostics.Tools (4.3)
    System.Globalization (4.3)
    System.IO (4.3)
    System.Linq (4.3)
    System.Linq.Expressions (4.3)
    System.Linq.Queryable (4.3)
    System.Net.Requests (4.3)
    System.Reflection (4.3)
    System.Reflection.Extensions (4.3)
    System.Resources.ResourceManager (4.3)
    System.Runtime (4.3)
    System.Runtime.Extensions (4.3)
    System.Runtime.Numerics (4.3)
    System.Text.RegularExpressions (4.3)
    System.Threading (4.3)
    System.Threading.Tasks (4.3)
    System.Threading.Tasks.Parallel (4.3)
    System.Threading.Thread (4.3)
    System.Threading.ThreadPool (4.3)
    System.Threading.Timer (4.3)
    Xamarin.Android.Support.Animated.Vector.Drawable (25.4.0.2)
      Xamarin.Android.Support.Vector.Drawable (25.4.0.2)
    Xamarin.Android.Support.Annotations (25.4.0.2)
    Xamarin.Android.Support.Compat (25.4.0.2)
      Xamarin.Android.Support.Annotations (25.4.0.2)
    Xamarin.Android.Support.Core.UI (25.4.0.2)
      Xamarin.Android.Support.Compat (25.4.0.2)
    Xamarin.Android.Support.Core.Utils (25.4.0.2)
      Xamarin.Android.Support.Compat (25.4.0.2)
    Xamarin.Android.Support.Design (25.4.0.2)
      Xamarin.Android.Support.Compat (25.4.0.2)
      Xamarin.Android.Support.Core.UI (25.4.0.2)
      Xamarin.Android.Support.Core.Utils (25.4.0.2)
      Xamarin.Android.Support.Fragment (25.4.0.2)
      Xamarin.Android.Support.Media.Compat (25.4.0.2)
      Xamarin.Android.Support.Transition (25.4.0.2)
      Xamarin.Android.Support.v7.AppCompat (25.4.0.2)
      Xamarin.Android.Support.v7.RecyclerView (25.4.0.2)
    Xamarin.Android.Support.Fragment (25.4.0.2)
      Xamarin.Android.Support.Compat (25.4.0.2)
      Xamarin.Android.Support.Core.UI (25.4.0.2)
      Xamarin.Android.Support.Core.Utils (25.4.0.2)
      Xamarin.Android.Support.Media.Compat (25.4.0.2)
    Xamarin.Android.Support.Media.Compat (25.4.0.2)
      Xamarin.Android.Support.Compat (25.4.0.2)
    Xamarin.Android.Support.Transition (25.4.0.2)
      Xamarin.Android.Support.Compat (25.4.0.2)
      Xamarin.Android.Support.Core.UI (25.4.0.2)
      Xamarin.Android.Support.Core.Utils (25.4.0.2)
      Xamarin.Android.Support.Fragment (25.4.0.2)
      Xamarin.Android.Support.Media.Compat (25.4.0.2)
    Xamarin.Android.Support.v4 (25.4.0.2)
      Xamarin.Android.Support.Compat (25.4.0.2)
      Xamarin.Android.Support.Core.UI (25.4.0.2)
      Xamarin.Android.Support.Core.Utils (25.4.0.2)
      Xamarin.Android.Support.Fragment (25.4.0.2)
      Xamarin.Android.Support.Media.Compat (25.4.0.2)
    Xamarin.Android.Support.v7.AppCompat (25.4.0.2)
      Xamarin.Android.Support.Animated.Vector.Drawable (25.4.0.2)
      Xamarin.Android.Support.Compat (25.4.0.2)
      Xamarin.Android.Support.Core.UI (25.4.0.2)
      Xamarin.Android.Support.Core.Utils (25.4.0.2)
      Xamarin.Android.Support.Fragment (25.4.0.2)
      Xamarin.Android.Support.Media.Compat (25.4.0.2)
      Xamarin.Android.Support.Vector.Drawable (25.4.0.2)
    Xamarin.Android.Support.v7.CardView (25.4.0.2)
      Xamarin.Android.Support.Annotations (25.4.0.2)
    Xamarin.Android.Support.v7.MediaRouter (25.4.0.2)
      Xamarin.Android.Support.v7.AppCompat (25.4.0.2)
      Xamarin.Android.Support.v7.Palette (25.4.0.2)
    Xamarin.Android.Support.v7.Palette (25.4.0.2)
      Xamarin.Android.Support.Compat (25.4.0.2)
      Xamarin.Android.Support.Core.Utils (25.4.0.2)
    Xamarin.Android.Support.v7.RecyclerView (25.4.0.2)
      Xamarin.Android.Support.Compat (25.4.0.2)
      Xamarin.Android.Support.Core.UI (25.4.0.2)
    Xamarin.Android.Support.Vector.Drawable (25.4.0.2)
      Xamarin.Android.Support.Compat (25.4.0.2)
    Xamarin.Forms (3.0.0.482510)
      Xamarin.Android.Support.Design (>= 25.4.0.2)
      Xamarin.Android.Support.v4 (>= 25.4.0.2)
      Xamarin.Android.Support.v7.AppCompat (>= 25.4.0.2)
      Xamarin.Android.Support.v7.CardView (>= 25.4.0.2)
      Xamarin.Android.Support.v7.MediaRouter (>= 25.4.0.2)

GROUP iosapp
RESTRICTION: == monotouch
NUGET
  remote: https://www.nuget.org/api/v2
    FSharp.Core (4.3.3)
      System.Collections (>= 4.0.11)
      System.Console (>= 4.0)
      System.Diagnostics.Debug (>= 4.0.11)
      System.Diagnostics.Tools (>= 4.0.1)
      System.Globalization (>= 4.0.11)
      System.IO (>= 4.1)
      System.Linq (>= 4.1)
      System.Linq.Expressions (>= 4.1)
      System.Linq.Queryable (>= 4.0.1)
      System.Net.Requests (>= 4.0.11)
      System.Reflection (>= 4.1)
      System.Reflection.Extensions (>= 4.0.1)
      System.Resources.ResourceManager (>= 4.0.1)
      System.Runtime (>= 4.1)
      System.Runtime.Extensions (>= 4.1)
      System.Runtime.Numerics (>= 4.0.1)
      System.Text.RegularExpressions (>= 4.1)
      System.Threading (>= 4.0.11)
      System.Threading.Tasks (>= 4.0.11)
      System.Threading.Tasks.Parallel (>= 4.0.1)
      System.Threading.Thread (>= 4.0)
      System.Threading.ThreadPool (>= 4.0.10)
      System.Threading.Timer (>= 4.0.1)
    System.Collections (4.3)
    System.Console (4.3.1)
    System.Diagnostics.Debug (4.3)
    System.Diagnostics.Tools (4.3)
    System.Globalization (4.3)
    System.IO (4.3)
    System.Linq (4.3)
    System.Linq.Expressions (4.3)
    System.Linq.Queryable (4.3)
    System.Net.Requests (4.3)
    System.Reflection (4.3)
    System.Reflection.Extensions (4.3)
    System.Resources.ResourceManager (4.3)
    System.Runtime (4.3)
    System.Runtime.Extensions (4.3)
    System.Runtime.Numerics (4.3)
    System.Text.RegularExpressions (4.3)
    System.Threading (4.3)
    System.Threading.Tasks (4.3)
    System.Threading.Tasks.Parallel (4.3)
    System.Threading.Thread (4.3)
    System.Threading.ThreadPool (4.3)
    System.Threading.Timer (4.3)
    Xamarin.Forms (3.0.0.482510)

GROUP neutral
RESTRICTION: == netstandard2.0
NUGET
  remote: https://www.nuget.org/api/v2
    FSharp.Core (4.3.3)
    Xamarin.Forms (3.0.0.482510)
GITHUB
  remote: fable-elmish/elmish
    src/cmd.fs (46f0313c26266c5703d4f7dcf111fb0038393a77)
    src/program.fs (46f0313c26266c5703d4f7dcf111fb0038393a77)