

GROUP androidapp
RESTRICTION: == monoandroid9.0
NUGET
  remote: https://api.nuget.org/v3/index.json
    FSharp.Core (4.6.2)
    FSharp.Data (3.0)
      FSharp.Core (>= 4.3.4)
    Newtonsoft.Json (11.0.2)
    Xamarin.Android.Arch.Core.Common (1.1.1.1)
      Xamarin.Android.Support.Annotations (28.0.0.1)
    Xamarin.Android.Arch.Core.Runtime (1.1.1.1)
      Xamarin.Android.Arch.Core.Common (1.1.1.1)
      Xamarin.Android.Support.Annotations (28.0.0.1)
    Xamarin.Android.Arch.Lifecycle.Common (1.1.1.1)
      Xamarin.Android.Support.Annotations (28.0.0.1)
    Xamarin.Android.Arch.Lifecycle.LiveData (1.1.1.1)
      Xamarin.Android.Arch.Core.Common (1.1.1.1)
      Xamarin.Android.Arch.Core.Runtime (1.1.1.1)
      Xamarin.Android.Arch.Lifecycle.LiveData.Core (1.1.1.1)
    Xamarin.Android.Arch.Lifecycle.LiveData.Core (1.1.1.1)
      Xamarin.Android.Arch.Core.Common (1.1.1.1)
      Xamarin.Android.Arch.Core.Runtime (1.1.1.1)
      Xamarin.Android.Arch.Lifecycle.Common (1.1.1.1)
    Xamarin.Android.Arch.Lifecycle.Runtime (1.1.1.1)
      Xamarin.Android.Arch.Core.Common (1.1.1.1)
      Xamarin.Android.Arch.Lifecycle.Common (1.1.1.1)
      Xamarin.Android.Support.Annotations (28.0.0.1)
    Xamarin.Android.Arch.Lifecycle.ViewModel (1.1.1.1)
      Xamarin.Android.Support.Annotations (28.0.0.1)
    Xamarin.Android.FSharp.ResourceProvider (1.0.0.28)
    Xamarin.Android.Support.Animated.Vector.Drawable (28.0.0.1)
      Xamarin.Android.Support.Core.UI (28.0.0.1)
      Xamarin.Android.Support.Vector.Drawable (28.0.0.1)
    Xamarin.Android.Support.Annotations (28.0.0.1)
    Xamarin.Android.Support.AsyncLayoutInflater (28.0.0.1)
      Xamarin.Android.Support.Annotations (28.0.0.1)
      Xamarin.Android.Support.Compat (28.0.0.1)
    Xamarin.Android.Support.Collections (28.0.0.1)
      Xamarin.Android.Support.Annotations (28.0.0.1)
    Xamarin.Android.Support.Compat (28.0.0.1)
      Xamarin.Android.Arch.Lifecycle.Runtime (1.1.1.1)
      Xamarin.Android.Support.Annotations (28.0.0.1)
      Xamarin.Android.Support.Collections (28.0.0.1)
      Xamarin.Android.Support.VersionedParcelable (28.0.0.1)
    Xamarin.Android.Support.CoordinaterLayout (28.0.0.1)
      Xamarin.Android.Support.Annotations (28.0.0.1)
      Xamarin.Android.Support.Compat (28.0.0.1)
      Xamarin.Android.Support.CustomView (28.0.0.1)
    Xamarin.Android.Support.Core.UI (28.0.0.1)
      Xamarin.Android.Support.Annotations (28.0.0.1)
      Xamarin.Android.Support.AsyncLayoutInflater (28.0.0.1)
      Xamarin.Android.Support.Compat (28.0.0.1)
      Xamarin.Android.Support.CoordinaterLayout (28.0.0.1)
      Xamarin.Android.Support.Core.Utils (28.0.0.1)
      Xamarin.Android.Support.CursorAdapter (28.0.0.1)
      Xamarin.Android.Support.CustomView (28.0.0.1)
      Xamarin.Android.Support.DrawerLayout (28.0.0.1)
      Xamarin.Android.Support.Interpolator (28.0.0.1)
      Xamarin.Android.Support.SlidingPaneLayout (28.0.0.1)
      Xamarin.Android.Support.SwipeRefreshLayout (28.0.0.1)
      Xamarin.Android.Support.ViewPager (28.0.0.1)
    Xamarin.Android.Support.Core.Utils (28.0.0.1)
      Xamarin.Android.Support.Annotations (28.0.0.1)
      Xamarin.Android.Support.Compat (28.0.0.1)
      Xamarin.Android.Support.DocumentFile (28.0.0.1)
      Xamarin.Android.Support.Loader (28.0.0.1)
      Xamarin.Android.Support.LocalBroadcastManager (28.0.0.1)
      Xamarin.Android.Support.Print (28.0.0.1)
    Xamarin.Android.Support.CursorAdapter (28.0.0.1)
      Xamarin.Android.Support.Annotations (28.0.0.1)
    Xamarin.Android.Support.CustomTabs (28.0.0.1)
      Xamarin.Android.Support.Annotations (28.0.0.1)
      Xamarin.Android.Support.Collections (28.0.0.1)
      Xamarin.Android.Support.Compat (28.0.0.1)
      Xamarin.Android.Support.Core.UI (28.0.0.1)
      Xamarin.Android.Support.Interpolator (28.0.0.1)
    Xamarin.Android.Support.CustomView (28.0.0.1)
      Xamarin.Android.Support.Annotations (28.0.0.1)
      Xamarin.Android.Support.Compat (28.0.0.1)
    Xamarin.Android.Support.Design (28.0.0.1)
      Xamarin.Android.Support.Annotations (28.0.0.1)
      Xamarin.Android.Support.Compat (28.0.0.1)
      Xamarin.Android.Support.Core.UI (28.0.0.1)
      Xamarin.Android.Support.Core.Utils (28.0.0.1)
      Xamarin.Android.Support.Fragment (28.0.0.1)
      Xamarin.Android.Support.Transition (28.0.0.1)
      Xamarin.Android.Support.v7.AppCompat (28.0.0.1)
      Xamarin.Android.Support.v7.CardView (28.0.0.1)
      Xamarin.Android.Support.v7.RecyclerView (28.0.0.1)
    Xamarin.Android.Support.DocumentFile (28.0.0.1)
      Xamarin.Android.Support.Annotations (28.0.0.1)
    Xamarin.Android.Support.DrawerLayout (28.0.0.1)
      Xamarin.Android.Support.Annotations (28.0.0.1)
      Xamarin.Android.Support.Compat (28.0.0.1)
      Xamarin.Android.Support.CustomView (28.0.0.1)
    Xamarin.Android.Support.Fragment (28.0.0.1)
      Xamarin.Android.Arch.Lifecycle.ViewModel (1.1.1.1)
      Xamarin.Android.Support.Annotations (28.0.0.1)
      Xamarin.Android.Support.Compat (28.0.0.1)
      Xamarin.Android.Support.Core.UI (28.0.0.1)
      Xamarin.Android.Support.Core.Utils (28.0.0.1)
      Xamarin.Android.Support.Loader (28.0.0.1)
    Xamarin.Android.Support.Interpolator (28.0.0.1)
      Xamarin.Android.Support.Annotations (28.0.0.1)
    Xamarin.Android.Support.Loader (28.0.0.1)
      Xamarin.Android.Arch.Lifecycle.LiveData (1.1.1.1)
      Xamarin.Android.Arch.Lifecycle.ViewModel (1.1.1.1)
      Xamarin.Android.Support.Annotations (28.0.0.1)
      Xamarin.Android.Support.Compat (28.0.0.1)
    Xamarin.Android.Support.LocalBroadcastManager (28.0.0.1)
      Xamarin.Android.Support.Annotations (28.0.0.1)
    Xamarin.Android.Support.Media.Compat (28.0.0.1)
      Xamarin.Android.Support.Annotations (28.0.0.1)
      Xamarin.Android.Support.Compat (28.0.0.1)
      Xamarin.Android.Support.VersionedParcelable (28.0.0.1)
    Xamarin.Android.Support.Print (28.0.0.1)
      Xamarin.Android.Support.Annotations (28.0.0.1)
    Xamarin.Android.Support.SlidingPaneLayout (28.0.0.1)
      Xamarin.Android.Support.Annotations (28.0.0.1)
      Xamarin.Android.Support.Compat (28.0.0.1)
      Xamarin.Android.Support.CustomView (28.0.0.1)
    Xamarin.Android.Support.SwipeRefreshLayout (28.0.0.1)
      Xamarin.Android.Support.Annotations (28.0.0.1)
      Xamarin.Android.Support.Compat (28.0.0.1)
      Xamarin.Android.Support.Interpolator (28.0.0.1)
    Xamarin.Android.Support.Transition (28.0.0.1)
      Xamarin.Android.Support.Annotations (28.0.0.1)
      Xamarin.Android.Support.Compat (28.0.0.1)
      Xamarin.Android.Support.Fragment (28.0.0.1)
    Xamarin.Android.Support.v4 (28.0.0.1)
      Xamarin.Android.Support.Compat (28.0.0.1)
      Xamarin.Android.Support.Core.UI (28.0.0.1)
      Xamarin.Android.Support.Core.Utils (28.0.0.1)
      Xamarin.Android.Support.Fragment (28.0.0.1)
      Xamarin.Android.Support.Media.Compat (28.0.0.1)
    Xamarin.Android.Support.v7.AppCompat (28.0.0.1)
      Xamarin.Android.Support.Animated.Vector.Drawable (28.0.0.1)
      Xamarin.Android.Support.Annotations (28.0.0.1)
      Xamarin.Android.Support.Collections (28.0.0.1)
      Xamarin.Android.Support.Compat (28.0.0.1)
      Xamarin.Android.Support.Core.Utils (28.0.0.1)
      Xamarin.Android.Support.CursorAdapter (28.0.0.1)
      Xamarin.Android.Support.Fragment (28.0.0.1)
      Xamarin.Android.Support.Vector.Drawable (28.0.0.1)
    Xamarin.Android.Support.v7.CardView (28.0.0.1)
      Xamarin.Android.Support.Annotations (28.0.0.1)
    Xamarin.Android.Support.v7.MediaRouter (28.0.0.1)
      Xamarin.Android.Support.Media.Compat (28.0.0.1)
      Xamarin.Android.Support.v7.AppCompat (28.0.0.1)
      Xamarin.Android.Support.v7.Palette (28.0.0.1)
      Xamarin.Android.Support.v7.RecyclerView (28.0.0.1)
    Xamarin.Android.Support.v7.Palette (28.0.0.1)
      Xamarin.Android.Support.Compat (28.0.0.1)
      Xamarin.Android.Support.Core.Utils (28.0.0.1)
    Xamarin.Android.Support.v7.RecyclerView (28.0.0.1)
      Xamarin.Android.Support.Annotations (28.0.0.1)
      Xamarin.Android.Support.Compat (28.0.0.1)
      Xamarin.Android.Support.Core.UI (28.0.0.1)
    Xamarin.Android.Support.Vector.Drawable (28.0.0.1)
      Xamarin.Android.Support.Annotations (28.0.0.1)
      Xamarin.Android.Support.Compat (28.0.0.1)
    Xamarin.Android.Support.VersionedParcelable (28.0.0.1)
      Xamarin.Android.Support.Annotations (28.0.0.1)
      Xamarin.Android.Support.Collections (28.0.0.1)
    Xamarin.Android.Support.ViewPager (28.0.0.1)
      Xamarin.Android.Support.Annotations (28.0.0.1)
      Xamarin.Android.Support.Compat (28.0.0.1)
      Xamarin.Android.Support.CustomView (28.0.0.1)
    Xamarin.Forms (4.1.0.555618)
      Xamarin.Android.Support.CustomTabs (>= 28.0.0.1)
      Xamarin.Android.Support.Design (>= 28.0.0.1)
      Xamarin.Android.Support.v4 (>= 28.0.0.1)
      Xamarin.Android.Support.v7.AppCompat (>= 28.0.0.1)
      Xamarin.Android.Support.v7.CardView (>= 28.0.0.1)
      Xamarin.Android.Support.v7.MediaRouter (>= 28.0.0.1)

GROUP fakebuild
STORAGE: NONE
RESTRICTION: == netstandard2.0
NUGET
  remote: https://api.nuget.org/v3/index.json
    BlackFox.VsWhere (1.0)
      FSharp.Core (>= 4.2.3)
    dotnet-fake (5.15) - clitool: true
    Fake.Api.GitHub (5.15)
      FSharp.Core (>= 4.3.4)
      Octokit (>= 0.32)
    Fake.Core.CommandLineParsing (5.15)
      FParsec (>= 1.0.3)
      FSharp.Core (>= 4.3.4)
    Fake.Core.Context (5.15)
      FSharp.Core (>= 4.3.4)
    Fake.Core.Environment (5.15)
      FSharp.Core (>= 4.3.4)
    Fake.Core.FakeVar (5.15)
      Fake.Core.Context (>= 5.15)
      FSharp.Core (>= 4.3.4)
    Fake.Core.Process (5.15)
      Fake.Core.Environment (>= 5.15)
      Fake.Core.FakeVar (>= 5.15)
      Fake.Core.String (>= 5.15)
      Fake.Core.Trace (>= 5.15)
      Fake.IO.FileSystem (>= 5.15)
      FSharp.Core (>= 4.3.4)
      System.Diagnostics.Process (>= 4.3)
    Fake.Core.ReleaseNotes (5.15)
      Fake.Core.SemVer (>= 5.15)
      Fake.Core.String (>= 5.15)
      FSharp.Core (>= 4.3.4)
    Fake.Core.SemVer (5.15)
      FSharp.Core (>= 4.3.4)
      System.Runtime.Numerics (>= 4.3)
    Fake.Core.String (5.15)
      FSharp.Core (>= 4.3.4)
    Fake.Core.Target (5.15)
      Fake.Core.CommandLineParsing (>= 5.15)
      Fake.Core.Context (>= 5.15)
      Fake.Core.Environment (>= 5.15)
      Fake.Core.FakeVar (>= 5.15)
      Fake.Core.Process (>= 5.15)
      Fake.Core.String (>= 5.15)
      Fake.Core.Trace (>= 5.15)
      FSharp.Control.Reactive (>= 4.2)
      FSharp.Core (>= 4.3.4)
      System.Reactive.Compatibility (>= 4.1.5)
    Fake.Core.Tasks (5.15)
      Fake.Core.Trace (>= 5.15)
      FSharp.Core (>= 4.3.4)
    Fake.Core.Trace (5.15)
      Fake.Core.Environment (>= 5.15)
      Fake.Core.FakeVar (>= 5.15)
      FSharp.Core (>= 4.3.4)
    Fake.Core.Xml (5.15)
      Fake.Core.String (>= 5.15)
      FSharp.Core (>= 4.3.4)
      System.Xml.ReaderWriter (>= 4.3.1)
      System.Xml.XDocument (>= 4.3)
      System.Xml.XPath (>= 4.3)
      System.Xml.XPath.XDocument (>= 4.3)
      System.Xml.XPath.XmlDocument (>= 4.3)
    Fake.DotNet.Cli (5.15)
      Fake.Core.Environment (>= 5.15)
      Fake.Core.Process (>= 5.15)
      Fake.Core.String (>= 5.15)
      Fake.Core.Trace (>= 5.15)
      Fake.DotNet.MSBuild (>= 5.15)
      Fake.DotNet.NuGet (>= 5.15)
      Fake.IO.FileSystem (>= 5.15)
      FSharp.Core (>= 4.3.4)
      Newtonsoft.Json (>= 12.0.2)
    Fake.DotNet.MSBuild (5.15)
      BlackFox.VsWhere (>= 1.0)
      Fake.Core.Environment (>= 5.15)
      Fake.Core.Process (>= 5.15)
      Fake.Core.String (>= 5.15)
      Fake.Core.Trace (>= 5.15)
      Fake.IO.FileSystem (>= 5.15)
      FSharp.Core (>= 4.3.4)
      MSBuild.StructuredLogger (>= 2.0.94)
    Fake.DotNet.NuGet (5.15)
      Fake.Core.Environment (>= 5.15)
      Fake.Core.Process (>= 5.15)
      Fake.Core.SemVer (>= 5.15)
      Fake.Core.String (>= 5.15)
      Fake.Core.Tasks (>= 5.15)
      Fake.Core.Trace (>= 5.15)
      Fake.Core.Xml (>= 5.15)
      Fake.IO.FileSystem (>= 5.15)
      Fake.Net.Http (>= 5.15)
      FSharp.Core (>= 4.3.4)
      Newtonsoft.Json (>= 12.0.2)
      NuGet.Protocol (>= 4.9.4)
      System.Net.Http (>= 4.3.4)
    Fake.DotNet.Paket (5.15)
      Fake.Core.Process (>= 5.15)
      Fake.Core.String (>= 5.15)
      Fake.Core.Trace (>= 5.15)
      Fake.IO.FileSystem (>= 5.15)
      FSharp.Core (>= 4.3.4)
    Fake.IO.FileSystem (5.15)
      Fake.Core.String (>= 5.15)
      FSharp.Core (>= 4.3.4)
      System.Diagnostics.FileVersionInfo (>= 4.3)
      System.IO.FileSystem.Watcher (>= 4.3)
    Fake.Net.Http (5.15)
      Fake.Core.Trace (>= 5.15)
      FSharp.Core (>= 4.3.4)
      System.Net.Http (>= 4.3.4)
    FParsec (1.0.3)
      FSharp.Core (>= 4.2.3)
      NETStandard.Library (>= 1.6.1)
    FSharp.Control.Reactive (4.2)
      FSharp.Core (>= 4.2.3)
      System.Reactive (>= 4.0)
    FSharp.Core (4.6.2)
    Microsoft.Build (16.0.461)
    Microsoft.Build.Framework (16.0.461)
      System.Runtime.Serialization.Primitives (>= 4.1.1)
      System.Threading.Thread (>= 4.0)
    Microsoft.Build.Tasks.Core (16.0.461)
      Microsoft.Build.Framework (>= 16.0.461)
      Microsoft.Build.Utilities.Core (>= 16.0.461)
      Microsoft.Win32.Registry (>= 4.3)
      System.CodeDom (>= 4.4)
      System.Collections.Immutable (>= 1.5)
      System.Linq.Parallel (>= 4.0.1)
      System.Net.Http (>= 4.3)
      System.Reflection.Metadata (>= 1.6)
      System.Reflection.TypeExtensions (>= 4.1)
      System.Resources.Writer (>= 4.0)
      System.Threading.Tasks.Dataflow (>= 4.6)
    Microsoft.Build.Utilities.Core (16.0.461)
      Microsoft.Build.Framework (>= 16.0.461)
      Microsoft.Win32.Registry (>= 4.3)
      System.Collections.Immutable (>= 1.5)
      System.Text.Encoding.CodePages (>= 4.0.1)
    Microsoft.NETCore.Platforms (2.2.1)
    Microsoft.NETCore.Targets (2.1)
    Microsoft.Win32.Primitives (4.3)
      Microsoft.NETCore.Platforms (>= 1.1)
      Microsoft.NETCore.Targets (>= 1.1)
      System.Runtime (>= 4.3)
    Microsoft.Win32.Registry (4.5)
      System.Buffers (>= 4.4)
      System.Memory (>= 4.5)
      System.Security.AccessControl (>= 4.5)
      System.Security.Principal.Windows (>= 4.5)
    MSBuild.StructuredLogger (2.0.94)
      Microsoft.Build (>= 15.8.166)
      Microsoft.Build.Framework (>= 15.8.166)
      Microsoft.Build.Tasks.Core (>= 15.8.166)
      Microsoft.Build.Utilities.Core (>= 15.8.166)
    NETStandard.Library (2.0.3)
      Microsoft.NETCore.Platforms (>= 1.1)
    Newtonsoft.Json (12.0.2)
    NuGet.Common (5.1)
      NuGet.Frameworks (>= 5.1)
      System.Diagnostics.Process (>= 4.3)
      System.Threading.Thread (>= 4.3)
    NuGet.Configuration (5.1)
      NuGet.Common (>= 5.1)
      System.Security.Cryptography.ProtectedData (>= 4.3)
    NuGet.Frameworks (5.1)
    NuGet.Packaging (5.1)
      Newtonsoft.Json (>= 9.0.1)
      NuGet.Configuration (>= 5.1)
      NuGet.Versioning (>= 5.1)
      System.Dynamic.Runtime (>= 4.3)
    NuGet.Protocol (5.1)
      NuGet.Packaging (>= 5.1)
      System.Dynamic.Runtime (>= 4.3)
    NuGet.Versioning (5.1)
    Octokit (0.32)
      NETStandard.Library (>= 1.6)
    runtime.debian.8-x64.runtime.native.System.Security.Cryptography.OpenSsl (4.3.3)
    runtime.debian.9-x64.runtime.native.System.Security.Cryptography.OpenSsl (4.3.3)
    runtime.fedora.23-x64.runtime.native.System.Security.Cryptography.OpenSsl (4.3.3)
    runtime.fedora.24-x64.runtime.native.System.Security.Cryptography.OpenSsl (4.3.3)
    runtime.fedora.27-x64.runtime.native.System.Security.Cryptography.OpenSsl (4.3.3)
    runtime.fedora.28-x64.runtime.native.System.Security.Cryptography.OpenSsl (4.3.3)
    runtime.native.System (4.3.1)
      Microsoft.NETCore.Platforms (>= 1.1.1)
      Microsoft.NETCore.Targets (>= 1.1.3)
    runtime.native.System.Net.Http (4.3.1)
      Microsoft.NETCore.Platforms (>= 1.1.1)
      Microsoft.NETCore.Targets (>= 1.1.3)
    runtime.native.System.Security.Cryptography.Apple (4.3.1)
      runtime.osx.10.10-x64.runtime.native.System.Security.Cryptography.Apple (>= 4.3.1)
    runtime.native.System.Security.Cryptography.OpenSsl (4.3.3)
      runtime.debian.8-x64.runtime.native.System.Security.Cryptography.OpenSsl (>= 4.3.3)
      runtime.debian.9-x64.runtime.native.System.Security.Cryptography.OpenSsl (>= 4.3.3)
      runtime.fedora.23-x64.runtime.native.System.Security.Cryptography.OpenSsl (>= 4.3.3)
      runtime.fedora.24-x64.runtime.native.System.Security.Cryptography.OpenSsl (>= 4.3.3)
      runtime.fedora.27-x64.runtime.native.System.Security.Cryptography.OpenSsl (>= 4.3.3)
      runtime.fedora.28-x64.runtime.native.System.Security.Cryptography.OpenSsl (>= 4.3.3)
      runtime.opensuse.13.2-x64.runtime.native.System.Security.Cryptography.OpenSsl (>= 4.3.3)
      runtime.opensuse.42.1-x64.runtime.native.System.Security.Cryptography.OpenSsl (>= 4.3.3)
      runtime.opensuse.42.3-x64.runtime.native.System.Security.Cryptography.OpenSsl (>= 4.3.3)
      runtime.osx.10.10-x64.runtime.native.System.Security.Cryptography.OpenSsl (>= 4.3.3)
      runtime.rhel.7-x64.runtime.native.System.Security.Cryptography.OpenSsl (>= 4.3.3)
      runtime.ubuntu.14.04-x64.runtime.native.System.Security.Cryptography.OpenSsl (>= 4.3.3)
      runtime.ubuntu.16.04-x64.runtime.native.System.Security.Cryptography.OpenSsl (>= 4.3.3)
      runtime.ubuntu.16.10-x64.runtime.native.System.Security.Cryptography.OpenSsl (>= 4.3.3)
      runtime.ubuntu.18.04-x64.runtime.native.System.Security.Cryptography.OpenSsl (>= 4.3.3)
    runtime.opensuse.13.2-x64.runtime.native.System.Security.Cryptography.OpenSsl (4.3.3)
    runtime.opensuse.42.1-x64.runtime.native.System.Security.Cryptography.OpenSsl (4.3.3)
    runtime.opensuse.42.3-x64.runtime.native.System.Security.Cryptography.OpenSsl (4.3.3)
    runtime.osx.10.10-x64.runtime.native.System.Security.Cryptography.Apple (4.3.1)
    runtime.osx.10.10-x64.runtime.native.System.Security.Cryptography.OpenSsl (4.3.3)
    runtime.rhel.7-x64.runtime.native.System.Security.Cryptography.OpenSsl (4.3.3)
    runtime.ubuntu.14.04-x64.runtime.native.System.Security.Cryptography.OpenSsl (4.3.3)
    runtime.ubuntu.16.04-x64.runtime.native.System.Security.Cryptography.OpenSsl (4.3.3)
    runtime.ubuntu.16.10-x64.runtime.native.System.Security.Cryptography.OpenSsl (4.3.3)
    runtime.ubuntu.18.04-x64.runtime.native.System.Security.Cryptography.OpenSsl (4.3.3)
    System.Buffers (4.5)
    System.CodeDom (4.5)
    System.Collections (4.3)
      Microsoft.NETCore.Platforms (>= 1.1)
      Microsoft.NETCore.Targets (>= 1.1)
      System.Runtime (>= 4.3)
    System.Collections.Concurrent (4.3)
      System.Collections (>= 4.3)
      System.Diagnostics.Debug (>= 4.3)
      System.Diagnostics.Tracing (>= 4.3)
      System.Globalization (>= 4.3)
      System.Reflection (>= 4.3)
      System.Resources.ResourceManager (>= 4.3)
      System.Runtime (>= 4.3)
      System.Runtime.Extensions (>= 4.3)
      System.Threading (>= 4.3)
      System.Threading.Tasks (>= 4.3)
    System.Collections.Immutable (1.5)
    System.Diagnostics.Debug (4.3)
      Microsoft.NETCore.Platforms (>= 1.1)
      Microsoft.NETCore.Targets (>= 1.1)
      System.Runtime (>= 4.3)
    System.Diagnostics.DiagnosticSource (4.5.1)
    System.Diagnostics.FileVersionInfo (4.3)
      Microsoft.NETCore.Platforms (>= 1.1)
      System.Globalization (>= 4.3)
      System.IO (>= 4.3)
      System.IO.FileSystem (>= 4.3)
      System.IO.FileSystem.Primitives (>= 4.3)
      System.Reflection.Metadata (>= 1.4.1)
      System.Runtime (>= 4.3)
      System.Runtime.Extensions (>= 4.3)
      System.Runtime.InteropServices (>= 4.3)
    System.Diagnostics.Process (4.3)
      Microsoft.NETCore.Platforms (>= 1.1)
      Microsoft.Win32.Primitives (>= 4.3)
      Microsoft.Win32.Registry (>= 4.3)
      runtime.native.System (>= 4.3)
      System.Collections (>= 4.3)
      System.Diagnostics.Debug (>= 4.3)
      System.Globalization (>= 4.3)
      System.IO (>= 4.3)
      System.IO.FileSystem (>= 4.3)
      System.IO.FileSystem.Primitives (>= 4.3)
      System.Resources.ResourceManager (>= 4.3)
      System.Runtime (>= 4.3)
      System.Runtime.Extensions (>= 4.3)
      System.Runtime.Handles (>= 4.3)
      System.Runtime.InteropServices (>= 4.3)
      System.Text.Encoding (>= 4.3)
      System.Text.Encoding.Extensions (>= 4.3)
      System.Threading (>= 4.3)
      System.Threading.Tasks (>= 4.3)
      System.Threading.Thread (>= 4.3)
      System.Threading.ThreadPool (>= 4.3)
    System.Diagnostics.Tools (4.3)
      Microsoft.NETCore.Platforms (>= 1.1)
      Microsoft.NETCore.Targets (>= 1.1)
      System.Runtime (>= 4.3)
    System.Diagnostics.Tracing (4.3)
      Microsoft.NETCore.Platforms (>= 1.1)
      Microsoft.NETCore.Targets (>= 1.1)
      System.Runtime (>= 4.3)
    System.Dynamic.Runtime (4.3)
      System.Collections (>= 4.3)
      System.Diagnostics.Debug (>= 4.3)
      System.Linq (>= 4.3)
      System.Linq.Expressions (>= 4.3)
      System.ObjectModel (>= 4.3)
      System.Reflection (>= 4.3)
      System.Reflection.Emit (>= 4.3)
      System.Reflection.Emit.ILGeneration (>= 4.3)
      System.Reflection.Primitives (>= 4.3)
      System.Reflection.TypeExtensions (>= 4.3)
      System.Resources.ResourceManager (>= 4.3)
      System.Runtime (>= 4.3)
      System.Runtime.Extensions (>= 4.3)
      System.Threading (>= 4.3)
    System.Globalization (4.3)
      Microsoft.NETCore.Platforms (>= 1.1)
      Microsoft.NETCore.Targets (>= 1.1)
      System.Runtime (>= 4.3)
    System.Globalization.Calendars (4.3)
      Microsoft.NETCore.Platforms (>= 1.1)
      Microsoft.NETCore.Targets (>= 1.1)
      System.Globalization (>= 4.3)
      System.Runtime (>= 4.3)
    System.Globalization.Extensions (4.3)
      Microsoft.NETCore.Platforms (>= 1.1)
      System.Globalization (>= 4.3)
      System.Resources.ResourceManager (>= 4.3)
      System.Runtime (>= 4.3)
      System.Runtime.Extensions (>= 4.3)
      System.Runtime.InteropServices (>= 4.3)
    System.IO (4.3)
      Microsoft.NETCore.Platforms (>= 1.1)
      Microsoft.NETCore.Targets (>= 1.1)
      System.Runtime (>= 4.3)
      System.Text.Encoding (>= 4.3)
      System.Threading.Tasks (>= 4.3)
    System.IO.FileSystem (4.3)
      Microsoft.NETCore.Platforms (>= 1.1)
      Microsoft.NETCore.Targets (>= 1.1)
      System.IO (>= 4.3)
      System.IO.FileSystem.Primitives (>= 4.3)
      System.Runtime (>= 4.3)
      System.Runtime.Handles (>= 4.3)
      System.Text.Encoding (>= 4.3)
      System.Threading.Tasks (>= 4.3)
    System.IO.FileSystem.Primitives (4.3)
      System.Runtime (>= 4.3)
    System.IO.FileSystem.Watcher (4.3)
      Microsoft.NETCore.Platforms (>= 1.1)
      Microsoft.Win32.Primitives (>= 4.3)
      runtime.native.System (>= 4.3)
      System.Collections (>= 4.3)
      System.IO.FileSystem (>= 4.3)
      System.IO.FileSystem.Primitives (>= 4.3)
      System.Resources.ResourceManager (>= 4.3)
      System.Runtime (>= 4.3)
      System.Runtime.Extensions (>= 4.3)
      System.Runtime.Handles (>= 4.3)
      System.Runtime.InteropServices (>= 4.3)
      System.Text.Encoding (>= 4.3)
      System.Threading (>= 4.3)
      System.Threading.Overlapped (>= 4.3)
      System.Threading.Tasks (>= 4.3)
      System.Threading.Thread (>= 4.3)
    System.Linq (4.3)
      System.Collections (>= 4.3)
      System.Diagnostics.Debug (>= 4.3)
      System.Resources.ResourceManager (>= 4.3)
      System.Runtime (>= 4.3)
      System.Runtime.Extensions (>= 4.3)
    System.Linq.Expressions (4.3)
      System.Collections (>= 4.3)
      System.Diagnostics.Debug (>= 4.3)
      System.Globalization (>= 4.3)
      System.IO (>= 4.3)
      System.Linq (>= 4.3)
      System.ObjectModel (>= 4.3)
      System.Reflection (>= 4.3)
      System.Reflection.Emit (>= 4.3)
      System.Reflection.Emit.ILGeneration (>= 4.3)
      System.Reflection.Emit.Lightweight (>= 4.3)
      System.Reflection.Extensions (>= 4.3)
      System.Reflection.Primitives (>= 4.3)
      System.Reflection.TypeExtensions (>= 4.3)
      System.Resources.ResourceManager (>= 4.3)
      System.Runtime (>= 4.3)
      System.Runtime.Extensions (>= 4.3)
      System.Threading (>= 4.3)
    System.Linq.Parallel (4.3)
      System.Collections (>= 4.3)
      System.Collections.Concurrent (>= 4.3)
      System.Diagnostics.Debug (>= 4.3)
      System.Diagnostics.Tracing (>= 4.3)
      System.Linq (>= 4.3)
      System.Resources.ResourceManager (>= 4.3)
      System.Runtime (>= 4.3)
      System.Runtime.Extensions (>= 4.3)
      System.Threading (>= 4.3)
      System.Threading.Tasks (>= 4.3)
    System.Memory (4.5.3)
      System.Buffers (>= 4.4)
      System.Numerics.Vectors (>= 4.4)
      System.Runtime.CompilerServices.Unsafe (>= 4.5.2)
    System.Net.Http (4.3.4)
      Microsoft.NETCore.Platforms (>= 1.1.1)
      runtime.native.System (>= 4.3)
      runtime.native.System.Net.Http (>= 4.3)
      runtime.native.System.Security.Cryptography.OpenSsl (>= 4.3.2)
      System.Collections (>= 4.3)
      System.Diagnostics.Debug (>= 4.3)
      System.Diagnostics.DiagnosticSource (>= 4.3)
      System.Diagnostics.Tracing (>= 4.3)
      System.Globalization (>= 4.3)
      System.Globalization.Extensions (>= 4.3)
      System.IO (>= 4.3)
      System.IO.FileSystem (>= 4.3)
      System.Net.Primitives (>= 4.3)
      System.Resources.ResourceManager (>= 4.3)
      System.Runtime (>= 4.3)
      System.Runtime.Extensions (>= 4.3)
      System.Runtime.Handles (>= 4.3)
      System.Runtime.InteropServices (>= 4.3)
      System.Security.Cryptography.Algorithms (>= 4.3)
      System.Security.Cryptography.Encoding (>= 4.3)
      System.Security.Cryptography.OpenSsl (>= 4.3)
      System.Security.Cryptography.Primitives (>= 4.3)
      System.Security.Cryptography.X509Certificates (>= 4.3)
      System.Text.Encoding (>= 4.3)
      System.Threading (>= 4.3)
      System.Threading.Tasks (>= 4.3)
    System.Net.Primitives (4.3.1)
      Microsoft.NETCore.Platforms (>= 1.1.1)
      Microsoft.NETCore.Targets (>= 1.1.3)
      System.Runtime (>= 4.3.1)
      System.Runtime.Handles (>= 4.3)
    System.Numerics.Vectors (4.5)
    System.ObjectModel (4.3)
      System.Collections (>= 4.3)
      System.Diagnostics.Debug (>= 4.3)
      System.Resources.ResourceManager (>= 4.3)
      System.Runtime (>= 4.3)
      System.Threading (>= 4.3)
    System.Reactive (4.1.5)
      System.Runtime.InteropServices.WindowsRuntime (>= 4.3)
      System.Threading.Tasks.Extensions (>= 4.5.2)
    System.Reactive.Compatibility (4.1.5)
      System.Reactive.Core (>= 4.1.5)
      System.Reactive.Interfaces (>= 4.1.5)
      System.Reactive.Linq (>= 4.1.5)
      System.Reactive.PlatformServices (>= 4.1.5)
      System.Reactive.Providers (>= 4.1.5)
    System.Reactive.Core (4.1.5)
      System.Reactive (>= 4.1.5)
      System.Threading.Tasks.Extensions (>= 4.5.2)
    System.Reactive.Interfaces (4.1.5)
      System.Reactive (>= 4.1.5)
      System.Threading.Tasks.Extensions (>= 4.5.2)
    System.Reactive.Linq (4.1.5)
      System.Reactive (>= 4.1.5)
      System.Threading.Tasks.Extensions (>= 4.5.2)
    System.Reactive.PlatformServices (4.1.5)
      System.Reactive (>= 4.1.5)
      System.Threading.Tasks.Extensions (>= 4.5.2)
    System.Reactive.Providers (4.1.5)
      System.Reactive (>= 4.1.5)
      System.Threading.Tasks.Extensions (>= 4.5.2)
    System.Reflection (4.3)
      Microsoft.NETCore.Platforms (>= 1.1)
      Microsoft.NETCore.Targets (>= 1.1)
      System.IO (>= 4.3)
      System.Reflection.Primitives (>= 4.3)
      System.Runtime (>= 4.3)
    System.Reflection.Emit (4.3)
      System.IO (>= 4.3)
      System.Reflection (>= 4.3)
      System.Reflection.Emit.ILGeneration (>= 4.3)
      System.Reflection.Primitives (>= 4.3)
      System.Runtime (>= 4.3)
    System.Reflection.Emit.ILGeneration (4.3)
      System.Reflection (>= 4.3)
      System.Reflection.Primitives (>= 4.3)
      System.Runtime (>= 4.3)
    System.Reflection.Emit.Lightweight (4.3)
      System.Reflection (>= 4.3)
      System.Reflection.Emit.ILGeneration (>= 4.3)
      System.Reflection.Primitives (>= 4.3)
      System.Runtime (>= 4.3)
    System.Reflection.Extensions (4.3)
      Microsoft.NETCore.Platforms (>= 1.1)
      Microsoft.NETCore.Targets (>= 1.1)
      System.Reflection (>= 4.3)
      System.Runtime (>= 4.3)
    System.Reflection.Metadata (1.6)
      System.Collections.Immutable (>= 1.5)
    System.Reflection.Primitives (4.3)
      Microsoft.NETCore.Platforms (>= 1.1)
      Microsoft.NETCore.Targets (>= 1.1)
      System.Runtime (>= 4.3)
    System.Reflection.TypeExtensions (4.5.1)
    System.Resources.ResourceManager (4.3)
      Microsoft.NETCore.Platforms (>= 1.1)
      Microsoft.NETCore.Targets (>= 1.1)
      System.Globalization (>= 4.3)
      System.Reflection (>= 4.3)
      System.Runtime (>= 4.3)
    System.Resources.Writer (4.3)
      System.Collections (>= 4.3)
      System.IO (>= 4.3)
      System.Resources.ResourceManager (>= 4.3)
      System.Runtime (>= 4.3)
      System.Runtime.Extensions (>= 4.3)
      System.Text.Encoding (>= 4.3)
    System.Runtime (4.3.1)
      Microsoft.NETCore.Platforms (>= 1.1.1)
      Microsoft.NETCore.Targets (>= 1.1.3)
    System.Runtime.CompilerServices.Unsafe (4.5.2)
    System.Runtime.Extensions (4.3.1)
      Microsoft.NETCore.Platforms (>= 1.1.1)
      Microsoft.NETCore.Targets (>= 1.1.3)
      System.Runtime (>= 4.3.1)
    System.Runtime.Handles (4.3)
      Microsoft.NETCore.Platforms (>= 1.1)
      Microsoft.NETCore.Targets (>= 1.1)
      System.Runtime (>= 4.3)
    System.Runtime.InteropServices (4.3)
      Microsoft.NETCore.Platforms (>= 1.1)
      Microsoft.NETCore.Targets (>= 1.1)
      System.Reflection (>= 4.3)
      System.Reflection.Primitives (>= 4.3)
      System.Runtime (>= 4.3)
      System.Runtime.Handles (>= 4.3)
    System.Runtime.InteropServices.WindowsRuntime (4.3)
      System.Runtime (>= 4.3)
    System.Runtime.Numerics (4.3)
      System.Globalization (>= 4.3)
      System.Resources.ResourceManager (>= 4.3)
      System.Runtime (>= 4.3)
      System.Runtime.Extensions (>= 4.3)
    System.Runtime.Serialization.Primitives (4.3)
      System.Resources.ResourceManager (>= 4.3)
      System.Runtime (>= 4.3)
    System.Security.AccessControl (4.5)
      System.Security.Principal.Windows (>= 4.5)
    System.Security.Cryptography.Algorithms (4.3.1)
      Microsoft.NETCore.Platforms (>= 1.1)
      runtime.native.System.Security.Cryptography.Apple (>= 4.3.1)
      runtime.native.System.Security.Cryptography.OpenSsl (>= 4.3.2)
      System.Collections (>= 4.3)
      System.IO (>= 4.3)
      System.Resources.ResourceManager (>= 4.3)
      System.Runtime (>= 4.3)
      System.Runtime.Extensions (>= 4.3)
      System.Runtime.Handles (>= 4.3)
      System.Runtime.InteropServices (>= 4.3)
      System.Runtime.Numerics (>= 4.3)
      System.Security.Cryptography.Encoding (>= 4.3)
      System.Security.Cryptography.Primitives (>= 4.3)
      System.Text.Encoding (>= 4.3)
    System.Security.Cryptography.Cng (4.5)
    System.Security.Cryptography.Csp (4.3)
      Microsoft.NETCore.Platforms (>= 1.1)
      System.IO (>= 4.3)
      System.Reflection (>= 4.3)
      System.Resources.ResourceManager (>= 4.3)
      System.Runtime (>= 4.3)
      System.Runtime.Extensions (>= 4.3)
      System.Runtime.Handles (>= 4.3)
      System.Runtime.InteropServices (>= 4.3)
      System.Security.Cryptography.Algorithms (>= 4.3)
      System.Security.Cryptography.Encoding (>= 4.3)
      System.Security.Cryptography.Primitives (>= 4.3)
      System.Text.Encoding (>= 4.3)
      System.Threading (>= 4.3)
    System.Security.Cryptography.Encoding (4.3)
      Microsoft.NETCore.Platforms (>= 1.1)
      runtime.native.System.Security.Cryptography.OpenSsl (>= 4.3)
      System.Collections (>= 4.3)
      System.Collections.Concurrent (>= 4.3)
      System.Linq (>= 4.3)
      System.Resources.ResourceManager (>= 4.3)
      System.Runtime (>= 4.3)
      System.Runtime.Extensions (>= 4.3)
      System.Runtime.Handles (>= 4.3)
      System.Runtime.InteropServices (>= 4.3)
      System.Security.Cryptography.Primitives (>= 4.3)
      System.Text.Encoding (>= 4.3)
    System.Security.Cryptography.OpenSsl (4.5.1)
    System.Security.Cryptography.Primitives (4.3)
      System.Diagnostics.Debug (>= 4.3)
      System.Globalization (>= 4.3)
      System.IO (>= 4.3)
      System.Resources.ResourceManager (>= 4.3)
      System.Runtime (>= 4.3)
      System.Threading (>= 4.3)
      System.Threading.Tasks (>= 4.3)
    System.Security.Cryptography.ProtectedData (4.5)
      System.Memory (>= 4.5)
    System.Security.Cryptography.X509Certificates (4.3.2)
      Microsoft.NETCore.Platforms (>= 1.1)
      runtime.native.System (>= 4.3)
      runtime.native.System.Net.Http (>= 4.3)
      runtime.native.System.Security.Cryptography.OpenSsl (>= 4.3.2)
      System.Collections (>= 4.3)
      System.Diagnostics.Debug (>= 4.3)
      System.Globalization (>= 4.3)
      System.Globalization.Calendars (>= 4.3)
      System.IO (>= 4.3)
      System.IO.FileSystem (>= 4.3)
      System.IO.FileSystem.Primitives (>= 4.3)
      System.Resources.ResourceManager (>= 4.3)
      System.Runtime (>= 4.3)
      System.Runtime.Extensions (>= 4.3)
      System.Runtime.Handles (>= 4.3)
      System.Runtime.InteropServices (>= 4.3)
      System.Runtime.Numerics (>= 4.3)
      System.Security.Cryptography.Algorithms (>= 4.3)
      System.Security.Cryptography.Cng (>= 4.3)
      System.Security.Cryptography.Csp (>= 4.3)
      System.Security.Cryptography.Encoding (>= 4.3)
      System.Security.Cryptography.OpenSsl (>= 4.3)
      System.Security.Cryptography.Primitives (>= 4.3)
      System.Text.Encoding (>= 4.3)
      System.Threading (>= 4.3)
    System.Security.Principal.Windows (4.5.1)
    System.Text.Encoding (4.3)
      Microsoft.NETCore.Platforms (>= 1.1)
      Microsoft.NETCore.Targets (>= 1.1)
      System.Runtime (>= 4.3)
    System.Text.Encoding.CodePages (4.5.1)
      System.Runtime.CompilerServices.Unsafe (>= 4.5.2)
    System.Text.Encoding.Extensions (4.3)
      Microsoft.NETCore.Platforms (>= 1.1)
      Microsoft.NETCore.Targets (>= 1.1)
      System.Runtime (>= 4.3)
      System.Text.Encoding (>= 4.3)
    System.Text.RegularExpressions (4.3.1)
      System.Collections (>= 4.3)
      System.Globalization (>= 4.3)
      System.Resources.ResourceManager (>= 4.3)
      System.Runtime (>= 4.3.1)
      System.Runtime.Extensions (>= 4.3.1)
      System.Threading (>= 4.3)
    System.Threading (4.3)
      System.Runtime (>= 4.3)
      System.Threading.Tasks (>= 4.3)
    System.Threading.Overlapped (4.3)
      Microsoft.NETCore.Platforms (>= 1.1)
      System.Resources.ResourceManager (>= 4.3)
      System.Runtime (>= 4.3)
      System.Runtime.Handles (>= 4.3)
    System.Threading.Tasks (4.3)
      Microsoft.NETCore.Platforms (>= 1.1)
      Microsoft.NETCore.Targets (>= 1.1)
      System.Runtime (>= 4.3)
    System.Threading.Tasks.Dataflow (4.9)
    System.Threading.Tasks.Extensions (4.5.2)
      System.Runtime.CompilerServices.Unsafe (>= 4.5.2)
    System.Threading.Thread (4.3)
      System.Runtime (>= 4.3)
    System.Threading.ThreadPool (4.3)
      System.Runtime (>= 4.3)
      System.Runtime.Handles (>= 4.3)
    System.Xml.ReaderWriter (4.3.1)
      System.Collections (>= 4.3)
      System.Diagnostics.Debug (>= 4.3)
      System.Globalization (>= 4.3)
      System.IO (>= 4.3)
      System.IO.FileSystem (>= 4.3)
      System.IO.FileSystem.Primitives (>= 4.3)
      System.Resources.ResourceManager (>= 4.3)
      System.Runtime (>= 4.3)
      System.Runtime.Extensions (>= 4.3)
      System.Runtime.InteropServices (>= 4.3)
      System.Text.Encoding (>= 4.3)
      System.Text.Encoding.Extensions (>= 4.3)
      System.Text.RegularExpressions (>= 4.3)
      System.Threading.Tasks (>= 4.3)
      System.Threading.Tasks.Extensions (>= 4.3)
    System.Xml.XDocument (4.3)
      System.Collections (>= 4.3)
      System.Diagnostics.Debug (>= 4.3)
      System.Diagnostics.Tools (>= 4.3)
      System.Globalization (>= 4.3)
      System.IO (>= 4.3)
      System.Reflection (>= 4.3)
      System.Resources.ResourceManager (>= 4.3)
      System.Runtime (>= 4.3)
      System.Runtime.Extensions (>= 4.3)
      System.Text.Encoding (>= 4.3)
      System.Threading (>= 4.3)
      System.Xml.ReaderWriter (>= 4.3)
    System.Xml.XmlDocument (4.3)
      System.Collections (>= 4.3)
      System.Diagnostics.Debug (>= 4.3)
      System.Globalization (>= 4.3)
      System.IO (>= 4.3)
      System.Resources.ResourceManager (>= 4.3)
      System.Runtime (>= 4.3)
      System.Runtime.Extensions (>= 4.3)
      System.Text.Encoding (>= 4.3)
      System.Threading (>= 4.3)
      System.Xml.ReaderWriter (>= 4.3)
    System.Xml.XPath (4.3)
      System.Collections (>= 4.3)
      System.Diagnostics.Debug (>= 4.3)
      System.Globalization (>= 4.3)
      System.IO (>= 4.3)
      System.Resources.ResourceManager (>= 4.3)
      System.Runtime (>= 4.3)
      System.Runtime.Extensions (>= 4.3)
      System.Threading (>= 4.3)
      System.Xml.ReaderWriter (>= 4.3)
    System.Xml.XPath.XDocument (4.3)
      System.Diagnostics.Debug (>= 4.3)
      System.Linq (>= 4.3)
      System.Resources.ResourceManager (>= 4.3)
      System.Runtime (>= 4.3)
      System.Runtime.Extensions (>= 4.3)
      System.Threading (>= 4.3)
      System.Xml.ReaderWriter (>= 4.3)
      System.Xml.XDocument (>= 4.3)
      System.Xml.XPath (>= 4.3)
    System.Xml.XPath.XmlDocument (4.3)
      System.Collections (>= 4.3)
      System.Globalization (>= 4.3)
      System.IO (>= 4.3)
      System.Resources.ResourceManager (>= 4.3)
      System.Runtime (>= 4.3)
      System.Runtime.Extensions (>= 4.3)
      System.Threading (>= 4.3)
      System.Xml.ReaderWriter (>= 4.3)
      System.Xml.XmlDocument (>= 4.3)
      System.Xml.XPath (>= 4.3)

GROUP gtkapp
RESTRICTION: == net471
NUGET
  remote: https://api.nuget.org/v3/index.json
    FSharp.Core (4.6.2)
    FSharp.Data (3.0)
      FSharp.Core (>= 4.0.0.1)
    Newtonsoft.Json (11.0.2)
    OpenTK (3.0.1)
    Xamarin.Forms (4.1.0.555618)
    Xamarin.Forms.Platform.GTK (4.1.0.555618)
      OpenTK (>= 3.0.1)
      Xamarin.Forms (>= 4.1.0.555618)

GROUP iosapp
RESTRICTION: == monotouch
NUGET
  remote: https://api.nuget.org/v3/index.json
    FSharp.Core (4.6.2)
      System.Collections (>= 4.0.11)
      System.Console (>= 4.0)
      System.Diagnostics.Debug (>= 4.0.11)
      System.Diagnostics.Tools (>= 4.0.1)
      System.Globalization (>= 4.0.11)
      System.IO (>= 4.1)
      System.Linq (>= 4.1)
      System.Linq.Expressions (>= 4.1)
      System.Linq.Queryable (>= 4.0.1)
      System.Net.Requests (>= 4.0.11)
      System.Reflection (>= 4.1)
      System.Reflection.Extensions (>= 4.0.1)
      System.Resources.ResourceManager (>= 4.0.1)
      System.Runtime (>= 4.1)
      System.Runtime.Extensions (>= 4.1)
      System.Runtime.Numerics (>= 4.0.1)
      System.Text.RegularExpressions (>= 4.1)
      System.Threading (>= 4.0.11)
      System.Threading.Tasks (>= 4.0.11)
      System.Threading.Tasks.Parallel (>= 4.0.1)
      System.Threading.Thread (>= 4.0)
      System.Threading.ThreadPool (>= 4.0.10)
      System.Threading.Timer (>= 4.0.1)
    FSharp.Data (3.0)
    Microsoft.CSharp (4.5)
    Microsoft.NETCore.Platforms (2.2.1)
    Microsoft.Win32.Primitives (4.3)
    NETStandard.Library (2.0.3)
      Microsoft.NETCore.Platforms (>= 1.1)
      Microsoft.Win32.Primitives (>= 4.3)
      System.AppContext (>= 4.3)
      System.Collections (>= 4.3)
      System.Collections.Concurrent (>= 4.3)
      System.Console (>= 4.3)
      System.Diagnostics.Debug (>= 4.3)
      System.Diagnostics.Tools (>= 4.3)
      System.Diagnostics.Tracing (>= 4.3)
      System.Globalization (>= 4.3)
      System.Globalization.Calendars (>= 4.3)
      System.IO (>= 4.3)
      System.IO.Compression (>= 4.3)
      System.IO.Compression.ZipFile (>= 4.3)
      System.IO.FileSystem (>= 4.3)
      System.IO.FileSystem.Primitives (>= 4.3)
      System.Linq (>= 4.3)
      System.Linq.Expressions (>= 4.3)
      System.Net.Http (>= 4.3.2)
      System.Net.Primitives (>= 4.3)
      System.Net.Sockets (>= 4.3)
      System.ObjectModel (>= 4.3)
      System.Reflection (>= 4.3)
      System.Reflection.Extensions (>= 4.3)
      System.Reflection.Primitives (>= 4.3)
      System.Resources.ResourceManager (>= 4.3)
      System.Runtime (>= 4.3)
      System.Runtime.Extensions (>= 4.3)
      System.Runtime.Handles (>= 4.3)
      System.Runtime.InteropServices (>= 4.3)
      System.Runtime.InteropServices.RuntimeInformation (>= 4.3)
      System.Runtime.Numerics (>= 4.3)
      System.Security.Cryptography.Algorithms (>= 4.3)
      System.Security.Cryptography.Encoding (>= 4.3)
      System.Security.Cryptography.Primitives (>= 4.3)
      System.Security.Cryptography.X509Certificates (>= 4.3)
      System.Text.Encoding (>= 4.3)
      System.Text.Encoding.Extensions (>= 4.3)
      System.Text.RegularExpressions (>= 4.3)
      System.Threading (>= 4.3)
      System.Threading.Tasks (>= 4.3)
      System.Threading.Timer (>= 4.3)
      System.Xml.ReaderWriter (>= 4.3)
      System.Xml.XDocument (>= 4.3)
    Newtonsoft.Json (11.0.2)
      Microsoft.CSharp (>= 4.3)
      NETStandard.Library (>= 1.6.1)
      System.ComponentModel.TypeConverter (>= 4.3)
      System.Runtime.Serialization.Formatters (>= 4.3)
      System.Runtime.Serialization.Primitives (>= 4.3)
      System.Xml.XmlDocument (>= 4.3)
    System.AppContext (4.3)
    System.Collections (4.3)
    System.Collections.Concurrent (4.3)
    System.ComponentModel.TypeConverter (4.3)
    System.Console (4.3.1)
    System.Diagnostics.Debug (4.3)
    System.Diagnostics.Tools (4.3)
    System.Diagnostics.Tracing (4.3)
    System.Globalization (4.3)
    System.Globalization.Calendars (4.3)
    System.IO (4.3)
    System.IO.Compression (4.3)
    System.IO.Compression.ZipFile (4.3)
    System.IO.FileSystem (4.3)
    System.IO.FileSystem.Primitives (4.3)
    System.Linq (4.3)
    System.Linq.Expressions (4.3)
    System.Linq.Queryable (4.3)
    System.Net.Http (4.3.4)
    System.Net.Primitives (4.3.1)
    System.Net.Requests (4.3)
    System.Net.Sockets (4.3)
    System.ObjectModel (4.3)
    System.Reflection (4.3)
    System.Reflection.Extensions (4.3)
    System.Reflection.Primitives (4.3)
    System.Resources.ResourceManager (4.3)
    System.Runtime (4.3.1)
    System.Runtime.Extensions (4.3.1)
    System.Runtime.Handles (4.3)
    System.Runtime.InteropServices (4.3)
    System.Runtime.InteropServices.RuntimeInformation (4.3)
    System.Runtime.Numerics (4.3)
    System.Runtime.Serialization.Formatters (4.3)
    System.Runtime.Serialization.Primitives (4.3)
    System.Security.Cryptography.Algorithms (4.3.1)
    System.Security.Cryptography.Encoding (4.3)
    System.Security.Cryptography.Primitives (4.3)
    System.Security.Cryptography.X509Certificates (4.3.2)
    System.Text.Encoding (4.3)
    System.Text.Encoding.Extensions (4.3)
    System.Text.RegularExpressions (4.3.1)
    System.Threading (4.3)
    System.Threading.Tasks (4.3)
    System.Threading.Tasks.Parallel (4.3)
    System.Threading.Thread (4.3)
    System.Threading.ThreadPool (4.3)
    System.Threading.Timer (4.3)
    System.Xml.ReaderWriter (4.3.1)
    System.Xml.XDocument (4.3)
    System.Xml.XmlDocument (4.3)
    Xamarin.Forms (4.1.0.555618)

GROUP macosapp
RESTRICTION: == xamarinmac
NUGET
  remote: https://api.nuget.org/v3/index.json
    FSharp.Core (4.6.2)
    FSharp.Data (3.0)
      FSharp.Core (>= 4.3.4)
    Newtonsoft.Json (11.0.2)
    Xamarin.Forms (4.1.0.555618)

GROUP neutral
RESTRICTION: == netstandard2.0
NUGET
  remote: https://api.nuget.org/v3/index.json
    FSharp.Core (4.6.2)
    Newtonsoft.Json (11.0.2)
    OxyPlot.Core (1.0)
    OxyPlot.Xamarin.Forms (1.0)
      OxyPlot.Core (>= 1.0)
      Xamarin.Forms (>= 2.3.3.180)
    SkiaSharp (1.68)
    SkiaSharp.Views.Forms (1.68)
      SkiaSharp (>= 1.68)
      Xamarin.Forms (>= 3.3.0.912540)
    Xamarin.Forms (4.1.0.555618)
    Xamarin.Forms.Maps (4.1.0.555618)
      Xamarin.Forms (>= 4.1.0.555618)
GITHUB
  remote: fsprojects/FSharp.Compiler.PortaCode
    src/CodeModel.fs (7bc5e17b32d848024e4635553eda3fc0afbb5156)
    src/FromCompilerService.fs (7bc5e17b32d848024e4635553eda3fc0afbb5156)
    src/Interpreter.fs (7bc5e17b32d848024e4635553eda3fc0afbb5156)
    src/ProcessCommandLine.fs (7bc5e17b32d848024e4635553eda3fc0afbb5156)
    src/ProjectCracker.fs (7bc5e17b32d848024e4635553eda3fc0afbb5156)
    tests/PortaCodeTests.fs (7bc5e17b32d848024e4635553eda3fc0afbb5156)
GROUP wpfapp
RESTRICTION: == net472
NUGET
  remote: https://api.nuget.org/v3/index.json
    FSharp.Core (4.6.2)
    FSharp.Data (3.0)
      FSharp.Core (>= 4.0.0.1)
    Newtonsoft.Json (11.0.2)
    OpenTK (3.0.1)
    OpenTK.GLControl (3.0.1)
      OpenTK (>= 3.0.1)
    Xamarin.Forms (4.1.0.555618)
    Xamarin.Forms.Platform.WPF (4.1.0.555618)
      OpenTK (>= 3.0.1)
      OpenTK.GLControl (>= 3.0.1)
      Xamarin.Forms (>= 4.1.0.555618)
